GEM
  remote: https://rubygems.org/
  specs:
    charmkit (0.3.8)
    rake (10.4.2)

PLATFORMS
  ruby

DEPENDENCIES
  charmkit (~> 0.3.8)
  rake

BUNDLED WITH
   1.13.6
