GEM
  remote: https://rubygems.org/
  specs:
    charmkit (0.4.4)
      tty-command
    diff-lcs (1.2.5)
    equatable (0.5.0)
    pastel (0.6.1)
      equatable (~> 0.5.0)
      tty-color (~> 0.3.0)
    rake (12.0.0)
    rspec (3.5.0)
      rspec-core (~> 3.5.0)
      rspec-expectations (~> 3.5.0)
      rspec-mocks (~> 3.5.0)
    rspec-core (3.5.4)
      rspec-support (~> 3.5.0)
    rspec-expectations (3.5.0)
      diff-lcs (>= 1.2.0, < 2.0)
      rspec-support (~> 3.5.0)
    rspec-mocks (3.5.0)
      diff-lcs (>= 1.2.0, < 2.0)
      rspec-support (~> 3.5.0)
    rspec-support (3.5.0)
    tty-color (0.3.0)
    tty-command (0.2.0)
      pastel (~> 0.6.0)

PLATFORMS
  ruby

DEPENDENCIES
  charmkit (~> 0.4.4)
  rake
  rspec

BUNDLED WITH
   1.13.6
