GEM
  remote: https://rubygems.org/
  specs:
    minitest (5.9.1)

PLATFORMS
  ruby

DEPENDENCIES
  minitest (~> 5)

BUNDLED WITH
   1.13.1
